GEM
  remote: https://rubygems.org/
  specs:
    backports (3.9.1)
    connection_pool (2.2.1)
    hiredis (0.6.1)
    multi_json (1.12.2)
    mustermann (1.0.1)
    mysql2 (0.4.9)
    mysql2-cs-bind (0.0.6)
      mysql2
    oj (3.3.8)
    puma (3.10.0)
    rack (2.0.3)
    rack-protection (2.0.0)
      rack
    redis (4.0.1)
    sinatra (2.0.0)
      mustermann (~> 1.0)
      rack (~> 2.0)
      rack-protection (= 2.0.0)
      tilt (~> 2.0)
    sinatra-contrib (2.0.0)
      backports (>= 2.0)
      multi_json
      mustermann (~> 1.0)
      rack-protection (= 2.0.0)
      sinatra (= 2.0.0)
      tilt (>= 1.3, < 3)
    tilt (2.0.8)

PLATFORMS
  ruby

DEPENDENCIES
  connection_pool
  hiredis
  mysql2
  mysql2-cs-bind
  oj
  puma
  redis
  sinatra
  sinatra-contrib

BUNDLED WITH
   1.15.4
